GEM
  remote: https://rubygems.org/
  specs:
    activesupport (3.2.14)
      i18n (~> 0.6, >= 0.6.4)
      multi_json (~> 1.0)
    addressable (2.3.5)
    akami (1.2.0)
      gyoku (>= 0.4.0)
      nokogiri (>= 1.4.0)
    amq-protocol (1.8.0)
    berkshelf (2.0.10)
      activesupport (~> 3.2.0)
      addressable (~> 2.3.4)
      buff-shell_out (~> 0.1)
      chozo (>= 0.6.1)
      faraday (>= 0.8.5)
      hashie (>= 2.0.2)
      minitar (~> 0.5.4)
      rbzip2 (~> 0.2.0)
      retryable (~> 1.3.3)
      ridley (~> 1.5.0)
      solve (>= 0.5.0)
      thor (~> 0.18.0)
    buff-config (0.4.0)
      buff-extensions (~> 0.3)
      varia_model (~> 0.1)
    buff-extensions (0.5.0)
    buff-ignore (1.1.0)
    buff-ruby_engine (0.1.0)
    buff-shell_out (0.1.0)
      buff-ruby_engine (~> 0.1.0)
    builder (3.2.2)
    bunny (0.10.7)
      amq-protocol (>= 1.6.0)
    celluloid (0.14.1)
      timers (>= 1.0.0)
    celluloid-io (0.14.1)
      celluloid (>= 0.14.1)
      nio4r (>= 0.4.5)
    chef (0.8.10)
      bunny (>= 0.6.0)
      erubis
      extlib
      json
      mixlib-authentication (>= 1.1.0)
      mixlib-cli (>= 1.1.0)
      mixlib-config (>= 1.1.0)
      mixlib-log (>= 1.1.0)
      moneta
      ohai (>= 0.5.0)
    chozo (0.6.1)
      activesupport (>= 3.2.0)
      hashie (>= 2.0.2)
      multi_json (>= 1.3.0)
    ci_reporter (1.9.0)
      builder (>= 2.1.2)
    coderay (1.0.9)
    erubis (2.7.0)
    extlib (0.9.16)
    faraday (0.8.8)
      multipart-post (~> 1.2.0)
    ffi (1.9.0)
    foodcritic (2.2.0)
      erubis
      gherkin (~> 2.11.7)
      nokogiri (~> 1.5.4)
      treetop (~> 1.4.10)
      yajl-ruby (~> 1.1.0)
    gherkin (2.11.8)
      multi_json (~> 1.3)
    gssapi (1.0.3)
      ffi (>= 1.0.1)
    gyoku (1.1.0)
      builder (>= 2.1.2)
    hashie (2.0.5)
    httpclient (2.2.0.2)
    httpi (0.9.7)
      rack
    i18n (0.6.5)
    ipaddress (0.8.0)
    json (1.8.0)
    kitchen-vagrant (0.11.1)
      test-kitchen (~> 1.0.0.beta.3)
    little-plugger (1.1.3)
    log_switch (0.4.0)
    logging (1.6.2)
      little-plugger (>= 1.1.3)
    method_source (0.8.2)
    minitar (0.5.4)
    minitest (4.7.5)
    minitest-chef-handler (1.0.1)
      chef
      ci_reporter
      minitest (~> 4.7.3)
    mixlib-authentication (1.3.0)
      mixlib-log
    mixlib-cli (1.3.0)
    mixlib-config (1.1.2)
    mixlib-log (1.6.0)
    mixlib-shellout (1.2.0)
    moneta (0.7.19)
    multi_json (1.8.0)
    multipart-post (1.2.0)
    net-http-persistent (2.9)
    net-scp (1.1.2)
      net-ssh (>= 2.6.5)
    net-ssh (2.7.0)
    nio4r (0.5.0)
    nokogiri (1.5.10)
    nori (1.1.5)
    ohai (6.18.0)
      ipaddress
      mixlib-cli
      mixlib-config
      mixlib-log
      mixlib-shellout
      systemu
      yajl-ruby
    polyglot (0.3.3)
    pry (0.9.12.2)
      coderay (~> 1.0.5)
      method_source (~> 0.8)
      slop (~> 3.4)
    rack (1.5.2)
    rake (10.1.0)
    rbzip2 (0.2.0)
    retryable (1.3.3)
    ridley (1.5.3)
      addressable
      buff-config (~> 0.2)
      buff-extensions (~> 0.3)
      buff-ignore (~> 1.1)
      buff-shell_out (~> 0.1)
      celluloid (~> 0.14.0)
      celluloid-io (~> 0.14.0)
      erubis
      faraday (>= 0.8.4)
      hashie (>= 2.0.2)
      json (>= 1.7.7)
      mixlib-authentication (>= 1.3.0)
      net-http-persistent (>= 2.8)
      net-ssh
      nio4r (>= 0.5.0)
      retryable
      solve (>= 0.4.4)
      varia_model (~> 0.1)
      winrm (~> 1.1.0)
    rubyntlm (0.1.1)
    safe_yaml (0.9.7)
    savon (0.9.5)
      akami (~> 1.0)
      builder (>= 2.1.2)
      gyoku (>= 0.4.0)
      httpi (~> 0.9)
      nokogiri (>= 1.4.0)
      nori (~> 1.0)
      wasabi (~> 1.0)
    slop (3.4.6)
    solve (0.8.1)
    systemu (2.5.2)
    tailor (1.2.1)
      log_switch (>= 0.3.0)
      term-ansicolor (>= 1.0.5)
      text-table (>= 1.2.2)
    term-ansicolor (1.2.2)
      tins (~> 0.8)
    test-kitchen (1.0.0.beta.3)
      celluloid
      mixlib-shellout
      net-scp
      net-ssh
      pry
      safe_yaml (~> 0.9.5)
      thor
    text-table (1.2.3)
    thor (0.18.1)
    timers (1.1.0)
    tins (0.9.0)
    treetop (1.4.15)
      polyglot
      polyglot (>= 0.3.1)
    uuidtools (2.1.4)
    vagrant-wrapper (1.2.1.1)
    varia_model (0.2.0)
      buff-extensions (~> 0.2)
      hashie (>= 2.0.2)
    wasabi (1.0.0)
      nokogiri (>= 1.4.0)
    winrm (1.1.2)
      gssapi (~> 1.0.0)
      httpclient (~> 2.2.0.2)
      logging (~> 1.6.1)
      nokogiri (~> 1.5.0)
      rubyntlm (~> 0.1.1)
      savon (= 0.9.5)
      uuidtools (~> 2.1.2)
    yajl-ruby (1.1.0)

PLATFORMS
  ruby

DEPENDENCIES
  berkshelf (= 2.0.10)
  foodcritic (= 2.2.0)
  kitchen-vagrant (= 0.11.1)
  minitest-chef-handler (= 1.0.1)
  pry (= 0.9.12.2)
  rake (= 10.1.0)
  tailor (= 1.2.1)
  test-kitchen (= 1.0.0.beta.3)
  vagrant-wrapper (= 1.2.1.1)
